GIT
  remote: https://github.com/clearsightstudio/ProMotion.git
  revision: 4957d946af37caddd2ae3de7c5daf815416a35af
  branch: pm2
  specs:
    ProMotion (2.0.0.rc3)
      methadone (~> 1.4)

PATH
  remote: .
  specs:
    ProMotion-push (0.1.0)
      ProMotion (~> 2.0.0.rc3)

GEM
  remote: https://rubygems.org/
  specs:
    methadone (1.4.0)
      bundler
    motion-redgreen (0.1.0)
    motion-stump (0.3.2)
    rake (10.3.1)

PLATFORMS
  ruby

DEPENDENCIES
  ProMotion!
  ProMotion-push!
  motion-redgreen (~> 0.1)
  motion-stump (~> 0.3)
  rake
